GIT
  remote: git://github.com/garethr/kitchen-vagrant.git
  revision: bb6f84c9f9d661ca778985fb5dec0082defcee03
  branch: multi_provisioner_support
  specs:
    kitchen-vagrant (0.5.2)
      test-kitchen (~> 1.0.0.alpha.0)
      vagrant (~> 1.0)

GIT
  remote: git://github.com/garethr/librarian-puppet-vagrant.git
  revision: 898cb785f8c993d7c426fa2e8e827bf6cc33c19b
  specs:
    librarian-puppet-vagrant (0.0.1)

GIT
  remote: git://github.com/garethr/test-kitchen.git
  revision: 900d510dc961cc9fffdaa64fa0af3909c6dc9c4c
  branch: multi_provisioner_support
  specs:
    test-kitchen (1.0.0.alpha.0)
      celluloid
      mixlib-shellout
      net-scp
      net-ssh
      pry
      thor

GEM
  remote: http://rubygems.org/
  specs:
    archive-tar-minitar (0.5.2)
    celluloid (0.12.4)
      facter (>= 1.6.12)
      timers (>= 1.0.0)
    childprocess (0.3.7)
      ffi (~> 1.0, >= 1.0.6)
    coderay (1.0.8)
    diff-lcs (1.1.3)
    erubis (2.7.0)
    facter (1.6.17)
    faraday (0.8.4)
      multipart-post (~> 1.1)
    ffi (1.3.1)
    hiera (1.0.0)
    i18n (0.6.1)
    json (1.5.4)
    librarian-puppet (0.9.7)
      json
      puppet
      thor (~> 0.15)
    log4r (1.1.10)
    method_source (0.8.1)
    mixlib-shellout (1.1.0)
    multipart-post (1.1.5)
    net-scp (1.0.4)
      net-ssh (>= 1.99.1)
    net-ssh (2.2.2)
    pry (0.9.11.4)
      coderay (~> 1.0.5)
      method_source (~> 0.8)
      slop (~> 3.4)
    puppet (3.0.2)
      facter (~> 1.6.11)
      hiera (~> 1.0.0)
    rake (10.0.3)
    rspec (2.12.0)
      rspec-core (~> 2.12.0)
      rspec-expectations (~> 2.12.0)
      rspec-mocks (~> 2.12.0)
    rspec-core (2.12.2)
    rspec-expectations (2.12.1)
      diff-lcs (~> 1.1.3)
    rspec-mocks (2.12.2)
    slop (3.4.3)
    thor (0.17.0)
    timers (1.1.0)
    vagrant (1.0.6)
      archive-tar-minitar (= 0.5.2)
      childprocess (~> 0.3.1)
      erubis (~> 2.7.0)
      i18n (~> 0.6.0)
      json (~> 1.5.1)
      log4r (~> 1.1.9)
      net-scp (~> 1.0.4)
      net-ssh (~> 2.2.2)

PLATFORMS
  ruby

DEPENDENCIES
  faraday
  kitchen-vagrant!
  librarian-puppet
  librarian-puppet-vagrant!
  rake
  rspec
  test-kitchen!
  vagrant (~> 1.0.5)
